PATH
  remote: .
  specs:
    aia (0.9.3)
      amazing_print
      faraday
      prompt_manager (>= 0.5.4)
      reline
      ruby_llm (>= 1.3.0rc1)
      shellwords
      toml-rb
      tty-screen
      tty-spinner
      versionaire
      word_wrapper

GEM
  remote: https://rubygems.org/
  specs:
    amazing_print (1.8.1)
    ansi (1.5.0)
    base64 (0.2.0)
    bigdecimal (3.1.9)
    builder (3.3.0)
    citrus (3.0.2)
    cogger (1.2.2)
      core (~> 2.0)
      logger (~> 1.7)
      refinements (~> 13.0)
      tone (~> 2.0)
      zeitwerk (~> 2.7)
    concurrent-ruby (1.3.5)
    containable (1.2.0)
      concurrent-ruby (~> 1.3)
    core (2.2.0)
    debug_me (1.1.1)
    docile (1.4.1)
    dry-configurable (1.3.0)
      dry-core (~> 1.1)
      zeitwerk (~> 2.6)
    dry-core (1.1.0)
      concurrent-ruby (~> 1.0)
      logger
      zeitwerk (~> 2.6)
    dry-inflector (1.2.0)
    dry-initializer (3.2.0)
    dry-logic (1.6.0)
      bigdecimal
      concurrent-ruby (~> 1.0)
      dry-core (~> 1.1)
      zeitwerk (~> 2.6)
    dry-monads (1.8.3)
      concurrent-ruby (~> 1.0)
      dry-core (~> 1.1)
      zeitwerk (~> 2.6)
    dry-schema (1.14.1)
      concurrent-ruby (~> 1.0)
      dry-configurable (~> 1.0, >= 1.0.1)
      dry-core (~> 1.1)
      dry-initializer (~> 3.2)
      dry-logic (~> 1.5)
      dry-types (~> 1.8)
      zeitwerk (~> 2.6)
    dry-types (1.8.2)
      bigdecimal (~> 3.0)
      concurrent-ruby (~> 1.0)
      dry-core (~> 1.0)
      dry-inflector (~> 1.0)
      dry-logic (~> 1.4)
      zeitwerk (~> 2.6)
    etcher (3.2.1)
      cogger (~> 1.0)
      core (~> 2.0)
      dry-monads (~> 1.8)
      dry-types (~> 1.7)
      refinements (~> 13.0)
      versionaire (~> 14.0)
      zeitwerk (~> 2.7)
    event_stream_parser (1.0.0)
    faraday (2.13.1)
      faraday-net_http (>= 2.0, < 3.5)
      json
      logger
    faraday-multipart (1.1.0)
      multipart-post (~> 2.0)
    faraday-net_http (3.4.0)
      net-http (>= 0.5.0)
    faraday-retry (2.3.1)
      faraday (~> 2.0)
    infusible (4.3.0)
      marameters (~> 4.1)
    io-console (0.8.0)
    json (2.12.2)
    logger (1.7.0)
    marameters (4.3.1)
      refinements (~> 13.0)
      zeitwerk (~> 2.7)
    minitest (5.25.5)
    minitest-reporters (1.7.1)
      ansi
      builder
      minitest (>= 5.0)
      ruby-progressbar
    mocha (2.7.1)
      ruby2_keywords (>= 0.0.5)
    multipart-post (2.4.1)
    net-http (0.6.0)
      uri
    optparse (0.6.0)
    prompt_manager (0.5.5)
    racc (1.8.1)
    rake (13.2.1)
    refinements (13.2.0)
    reline (0.6.1)
      io-console (~> 0.5)
    ruby-progressbar (1.13.0)
    ruby2_keywords (0.0.5)
    ruby_llm (1.3.0rc1)
      base64
      event_stream_parser (~> 1)
      faraday (~> 2)
      faraday-multipart (~> 1)
      faraday-net_http (~> 3)
      faraday-retry (~> 2)
      zeitwerk (~> 2)
    runcom (12.2.1)
      refinements (~> 13.0)
      xdg (~> 9.0)
      zeitwerk (~> 2.7)
    securerandom (0.4.1)
    shellwords (0.2.2)
    simplecov (0.22.0)
      docile (~> 1.1)
      simplecov-html (~> 0.11)
      simplecov_json_formatter (~> 0.1)
    simplecov-html (0.13.1)
    simplecov_json_formatter (0.1.4)
    simplecov_lcov_formatter (0.9.0)
      simplecov (>= 0.18)
    sod (1.2.1)
      cogger (~> 1.0)
      containable (~> 1.1)
      infusible (~> 4.0)
      optparse (~> 0.6)
      refinements (~> 13.0)
      tone (~> 2.0)
      zeitwerk (~> 2.7)
    spek (4.2.1)
      core (~> 2.0)
      dry-monads (~> 1.8)
      refinements (~> 13.0)
      versionaire (~> 14.0)
      zeitwerk (~> 2.7)
    tocer (19.2.1)
      cogger (~> 1.0)
      containable (~> 1.1)
      core (~> 2.0)
      dry-schema (~> 1.13)
      etcher (~> 3.0)
      infusible (~> 4.0)
      refinements (~> 13.0)
      runcom (~> 12.0)
      sod (~> 1.0)
      spek (~> 4.0)
      zeitwerk (~> 2.7)
    toml-rb (4.0.0)
      citrus (~> 3.0, > 3.0)
      racc (~> 1.7)
    tone (2.3.1)
      refinements (~> 13.0)
      zeitwerk (~> 2.7)
    tty-cursor (0.7.1)
    tty-screen (0.8.2)
    tty-spinner (0.9.3)
      tty-cursor (~> 0.7)
    uri (1.0.3)
    versionaire (14.2.0)
      refinements (~> 13.0)
    word_wrapper (0.5.0)
    xdg (9.2.0)
    zeitwerk (2.7.3)

PLATFORMS
  aarch64-linux-gnu
  aarch64-linux-musl
  arm-linux-gnu
  arm-linux-musl
  arm64-darwin
  ruby
  x86-linux-gnu
  x86-linux-musl
  x86_64-darwin
  x86_64-linux-gnu
  x86_64-linux-musl

DEPENDENCIES
  aia!
  debug_me
  minitest
  minitest-reporters
  mocha
  rake
  securerandom (~> 0.4.0)
  simplecov
  simplecov_lcov_formatter
  tocer

BUNDLED WITH
   2.6.9
