PATH
  remote: .
  specs:
    aia (0.5.18)
      ai_client
      hashie
      os
      prompt_manager (>= 0.4.1)
      reline
      ruby-openai
      shellwords
      toml-rb
      tty-screen
      tty-spinner
      versionaire

GEM
  remote: https://rubygems.org/
  specs:
    active_hash (3.3.1)
      activesupport (>= 5.0.0)
    activesupport (7.2.1.2)
      base64
      bigdecimal
      concurrent-ruby (~> 1.0, >= 1.3.1)
      connection_pool (>= 2.2.5)
      drb
      i18n (>= 1.6, < 2)
      logger (>= 1.4.2)
      minitest (>= 5.1)
      securerandom (>= 0.3)
      tzinfo (~> 2.0, >= 2.0.5)
    addressable (2.8.7)
      public_suffix (>= 2.0.2, < 7.0)
    ai_client (0.4.1)
      active_hash
      hashie
      omniai
      omniai-anthropic
      omniai-google
      omniai-mistral
      omniai-openai (>= 1.8.3)
      open_router
    amazing_print (1.6.0)
    base64 (0.2.0)
    bigdecimal (3.1.8)
    citrus (3.0.2)
    cogger (0.28.0)
      core (~> 1.7)
      refinements (~> 12.9)
      tone (~> 1.0)
      zeitwerk (~> 2.6)
    concurrent-ruby (1.3.4)
    connection_pool (2.4.1)
    containable (0.5.1)
      concurrent-ruby (~> 1.2)
    core (1.8.0)
    debug_me (1.1.1)
    docile (1.4.1)
    domain_name (0.6.20240107)
    dotenv (3.1.4)
    drb (2.2.1)
    dry-configurable (1.2.0)
      dry-core (~> 1.0, < 2)
      zeitwerk (~> 2.6)
    dry-core (1.0.1)
      concurrent-ruby (~> 1.0)
      zeitwerk (~> 2.6)
    dry-inflector (1.1.0)
    dry-initializer (3.1.1)
    dry-logic (1.5.0)
      concurrent-ruby (~> 1.0)
      dry-core (~> 1.0, < 2)
      zeitwerk (~> 2.6)
    dry-monads (1.6.0)
      concurrent-ruby (~> 1.0)
      dry-core (~> 1.0, < 2)
      zeitwerk (~> 2.6)
    dry-schema (1.13.4)
      concurrent-ruby (~> 1.0)
      dry-configurable (~> 1.0, >= 1.0.1)
      dry-core (~> 1.0, < 2)
      dry-initializer (~> 3.0)
      dry-logic (>= 1.4, < 2)
      dry-types (>= 1.7, < 2)
      zeitwerk (~> 2.6)
    dry-types (1.7.2)
      bigdecimal (~> 3.0)
      concurrent-ruby (~> 1.0)
      dry-core (~> 1.0)
      dry-inflector (~> 1.0)
      dry-logic (~> 1.4)
      zeitwerk (~> 2.6)
    etcher (2.4.0)
      cogger (~> 0.26)
      core (~> 1.7)
      dry-monads (~> 1.6)
      dry-types (~> 1.7)
      refinements (~> 12.9)
      versionaire (~> 13.0)
      zeitwerk (~> 2.6)
    event_stream_parser (1.0.0)
    faraday (2.12.0)
      faraday-net_http (>= 2.0, < 3.4)
      json
      logger
    faraday-multipart (1.0.4)
      multipart-post (~> 2)
    faraday-net_http (3.3.0)
      net-http
    ffi (1.17.0)
    ffi (1.17.0-aarch64-linux-gnu)
    ffi (1.17.0-aarch64-linux-musl)
    ffi (1.17.0-arm-linux-gnu)
    ffi (1.17.0-arm-linux-musl)
    ffi (1.17.0-arm64-darwin)
    ffi (1.17.0-x86-linux-gnu)
    ffi (1.17.0-x86-linux-musl)
    ffi (1.17.0-x86_64-darwin)
    ffi (1.17.0-x86_64-linux-gnu)
    ffi (1.17.0-x86_64-linux-musl)
    ffi-compiler (1.3.2)
      ffi (>= 1.15.5)
      rake
    hashie (5.0.0)
    http (5.2.0)
      addressable (~> 2.8)
      base64 (~> 0.1)
      http-cookie (~> 1.0)
      http-form_data (~> 2.2)
      llhttp-ffi (~> 0.5.0)
    http-cookie (1.0.7)
      domain_name (~> 0.5)
    http-form_data (2.3.0)
    i18n (1.14.6)
      concurrent-ruby (~> 1.0)
    infusible (3.11.0)
      marameters (~> 3.9)
    io-console (0.7.2)
    json (2.7.4)
    kramdown (2.4.0)
      rexml
    kramdown-man (1.0.1)
      kramdown (~> 2.0)
    llhttp-ffi (0.5.0)
      ffi-compiler (~> 1.0)
      rake (~> 13.0)
    logger (1.6.1)
    marameters (3.10.0)
      refinements (~> 12.9)
      zeitwerk (~> 2.7)
    minitest (5.25.1)
    multipart-post (2.4.1)
    net-http (0.4.1)
      uri
    omniai (1.8.4)
      event_stream_parser
      http
      zeitwerk
    omniai-anthropic (1.8.2)
      event_stream_parser
      omniai
      zeitwerk
    omniai-google (1.8.4)
      event_stream_parser
      omniai
      zeitwerk
    omniai-mistral (1.8.1)
      event_stream_parser
      omniai
      zeitwerk
    omniai-openai (1.8.4)
      event_stream_parser
      omniai
      zeitwerk
    open_router (0.3.3)
      activesupport (>= 6.0)
      dotenv (>= 2)
      faraday (>= 1)
      faraday-multipart (>= 1)
    optparse (0.5.0)
    os (1.1.4)
    prompt_manager (0.4.2)
    public_suffix (6.0.1)
    racc (1.8.1)
    rake (13.2.1)
    refinements (12.10.0)
    reline (0.5.10)
      io-console (~> 0.5)
    rexml (3.3.9)
    ruby-openai (7.3.1)
      event_stream_parser (>= 0.3.0, < 2.0.0)
      faraday (>= 1)
      faraday-multipart (>= 1)
    runcom (11.8.0)
      refinements (~> 12.9)
      xdg (~> 8.6)
      zeitwerk (~> 2.6)
    securerandom (0.3.1)
    shellwords (0.2.0)
    simplecov (0.22.0)
      docile (~> 1.1)
      simplecov-html (~> 0.11)
      simplecov_json_formatter (~> 0.1)
    simplecov-html (0.13.1)
    simplecov_json_formatter (0.1.4)
    sod (0.17.0)
      cogger (~> 0.26)
      containable (~> 0.2)
      infusible (~> 3.11)
      optparse (~> 0.5)
      refinements (~> 12.9)
      tone (~> 1.0)
      zeitwerk (~> 2.7)
    spek (3.8.0)
      dry-monads (~> 1.6)
      refinements (~> 12.9)
      versionaire (~> 13.0)
      zeitwerk (~> 2.6)
    tocer (18.5.0)
      cogger (~> 0.26)
      containable (~> 0.2)
      core (~> 1.7)
      dry-schema (~> 1.13)
      etcher (~> 2.1)
      infusible (~> 3.11)
      refinements (~> 12.9)
      runcom (~> 11.5)
      sod (~> 0.17)
      spek (~> 3.0)
      zeitwerk (~> 2.7)
    toml-rb (3.0.1)
      citrus (~> 3.0, > 3.0)
      racc (~> 1.7)
    tone (1.8.0)
      refinements (~> 12.9)
      zeitwerk (~> 2.6)
    tty-cursor (0.7.1)
    tty-screen (0.8.2)
    tty-spinner (0.9.3)
      tty-cursor (~> 0.7)
    tzinfo (2.0.6)
      concurrent-ruby (~> 1.0)
    uri (0.13.1)
    versionaire (13.9.0)
      refinements (~> 12.10)
    xdg (8.8.0)
    zeitwerk (2.7.1)

PLATFORMS
  aarch64-linux-gnu
  aarch64-linux-musl
  arm-linux-gnu
  arm-linux-musl
  arm64-darwin
  ruby
  x86-linux-gnu
  x86-linux-musl
  x86_64-darwin
  x86_64-linux-gnu
  x86_64-linux-musl

DEPENDENCIES
  aia!
  amazing_print
  debug_me
  kramdown-man
  minitest (~> 5.0)
  rake (~> 13.0)
  simplecov
  tocer

BUNDLED WITH
   2.5.21
